GIT
  remote: https://github.com/mike-bourgeous/mb-util.git
  revision: 4ea465459a246798134df064ac60296c692e3d1f
  specs:
    mb-util (0.1.24.usegit)

GEM
  remote: https://rubygems.org/
  specs:
    byebug (12.0.0)
    coderay (1.1.3)
    csv (3.3.5)
    diff-lcs (1.6.2)
    io-console (0.8.0)
    method_source (1.1.0)
    pry (0.15.2)
      coderay (~> 1.1)
      method_source (~> 1.0)
    pry-byebug (3.11.0)
      byebug (~> 12.0)
      pry (>= 0.13, < 0.16)
    reline (0.6.1)
      io-console (~> 0.5)
    rspec (3.13.1)
      rspec-core (~> 3.13.0)
      rspec-expectations (~> 3.13.0)
      rspec-mocks (~> 3.13.0)
    rspec-core (3.13.4)
      rspec-support (~> 3.13.0)
    rspec-expectations (3.13.5)
      diff-lcs (>= 1.2.0, < 2.0)
      rspec-support (~> 3.13.0)
    rspec-mocks (3.13.5)
      diff-lcs (>= 1.2.0, < 2.0)
      rspec-support (~> 3.13.0)
    rspec-support (3.13.4)

PLATFORMS
  ruby
  x86_64-linux

DEPENDENCIES
  csv
  mb-util!
  pry
  pry-byebug
  reline
  rspec

BUNDLED WITH
   2.6.9
